PATH
  remote: /Users/brian/src/work/artisan-dev/artisan-core
  specs:
    artisan-core (0.0.1)
      lazy_high_charts (>= 1.1.5)

PATH
  remote: /Users/brian/src/work/artisan-dev/artisan-repository
  specs:
    artisan-repository (0.0.1)

GEM
  remote: http://rubygems.org/
  specs:
    actionmailer (0.6.1)
      actionpack (>= 0.9.5)
    actionpack (1.4.0)
    activemodel (3.1.10)
      activesupport (= 3.1.10)
      builder (~> 3.0.0)
      i18n (~> 0.6)
    activerecord (3.1.10)
      activemodel (= 3.1.10)
      activesupport (= 3.1.10)
      arel (~> 2.2.3)
      tzinfo (~> 0.3.29)
    activesupport (3.1.10)
      multi_json (>= 1.0, < 1.3)
    acts-as-taggable-on (2.1.1)
      rails
    arel (2.2.3)
    bcrypt-ruby (3.0.1)
    builder (3.0.4)
    devise (1.4.5)
      bcrypt-ruby (~> 3.0)
      orm_adapter (~> 0.0.3)
      warden (~> 1.0.3)
    diff-lcs (1.1.3)
    hash-deep-merge (0.1.1)
    i18n (0.6.1)
    lazy_high_charts (1.3.2)
      bundler (~> 1.0)
      hash-deep-merge
    multi_json (1.2.0)
    mysql2 (0.3.11)
    orm_adapter (0.0.7)
    rack (1.4.3)
    rails (0.9.5)
      actionmailer (>= 0.6.1)
      actionpack (>= 1.4.0)
      activerecord (>= 1.6.0)
      rake (>= 0.4.15)
    rake (0.9.2.2)
    rspec (2.11.0)
      rspec-core (~> 2.11.0)
      rspec-expectations (~> 2.11.0)
      rspec-mocks (~> 2.11.0)
    rspec-core (2.11.1)
    rspec-expectations (2.11.3)
      diff-lcs (~> 1.1.3)
    rspec-mocks (2.11.3)
    tzinfo (0.3.35)
    warden (1.0.6)
      rack (>= 1.0)

PLATFORMS
  ruby

DEPENDENCIES
  activerecord (= 3.1.10)
  acts-as-taggable-on
  artisan-core!
  artisan-repository!
  devise (= 1.4.5)
  mysql2 (~> 0.3.11)
  rake (= 0.9.2.2)
  rspec (= 2.11.0)
  warden (= 1.0.6)
